GEM
  remote: https://rubygems.org/
  specs:
    breakpoint (2.4.6)
      sass (~> 3.3.0)
      sassy-maps (< 1.0.0)
    chunky_png (1.3.1)
    color-schemer (0.2.8)
      compass-blend-modes (~> 0.0.2)
    compass (1.0.0)
      chunky_png (~> 1.2)
      compass-core (~> 1.0.0)
      compass-import-once (~> 1.0.5)
      rb-fsevent (>= 0.9.3)
      rb-inotify (>= 0.9)
      sass (>= 3.3.13, < 3.5)
    compass-blend-modes (0.0.2)
      compass
    compass-core (1.0.0)
      multi_json (~> 1.0)
      sass (>= 3.3.0, < 3.5)
    compass-import-once (1.0.5)
      sass (>= 3.2, < 3.5)
    compass-normalize (1.4.3)
      compass (>= 0.12.0)
    ffi (1.9.3)
    modular-scale (2.0.5)
      compass (>= 0.12.0)
    multi_json (1.10.1)
    oily_png (1.1.1)
      chunky_png (~> 1.3.0)
    rb-fsevent (0.9.4)
    rb-inotify (0.9.5)
      ffi (>= 0.5.0)
    sass (3.3.14)
    sass-globbing (1.1.1)
      sass (>= 3.1)
    sassy-maps (0.4.0)
      sass (~> 3.3)
    singularitygs (1.2.3)
      breakpoint (~> 2.4)
      sass (~> 3.3.0)
    terminal-notifier (1.6.1)
    toolkit (2.5.2)
      sass (~> 3.3.0)

PLATFORMS
  ruby

DEPENDENCIES
  breakpoint (~> 2.4.2)
  color-schemer
  compass (~> 1.0.0.rc.1)
  compass-normalize (~> 1.4.3)
  modular-scale
  oily_png (~> 1.1.1)
  sass-globbing (~> 1.1.1)
  singularitygs (~> 1.2.1)
  terminal-notifier
  toolkit (~> 2.5.0)
